PATH
  remote: .
  specs:
    cielo24 (0.0.13)
      hashie
      httpclient

GEM
  remote: https://rubygems.org/
  specs:
    hashie (3.2.0)
    httpclient (2.4.0)
    rake (10.3.2)

PLATFORMS
  x64-mingw32

DEPENDENCIES
  bundler (~> 1.6)
  cielo24!
  rake (~> 10.0)
