PATH
  remote: .
  specs:
    RubyWrapperCielo24 (0.0.1)

GEM
  remote: https://rubygems.org/
  specs:
    rake (10.3.1)

PLATFORMS
  x86-mingw32

DEPENDENCIES
  RubyWrapperCielo24!
  bundler (~> 1.6)
  rake
