PATH
  remote: .
  specs:
    RubyWrapperCielo24 (0.0.1)
      hashie
      httpclient

GEM
  remote: https://rubygems.org/
  specs:
    hashie (3.2.0)
    httpclient (2.4.0)
    rake (10.3.2)

PLATFORMS
  x86-mingw32

DEPENDENCIES
  RubyWrapperCielo24!
  bundler (~> 1.6)
  rake
