PATH
  remote: .
  specs:
    cielo24-cli (0.0.1)
      cielo24
      thor

GEM
  remote: https://rubygems.org/
  specs:
    cielo24 (0.0.5)
      hashie
      httpclient
    hashie (3.2.0)
    httpclient (2.4.0)
    rake (10.3.2)
    thor (0.19.1)

PLATFORMS
  x64-mingw32

DEPENDENCIES
  bundler (~> 1.6)
  cielo24-cli!
  rake (~> 10.0)
